GIT
  remote: git://github.com/afalkear/best_in_place_post.git
  revision: c89bf591ba747616b25ed5ec02528251760a2fbd
  specs:
    best_in_place (2.1.0)
      jquery-rails
      rails (>= 3.1)

GEM
  remote: https://rubygems.org/
  specs:
    accounts_client (0.2.38)
      gravtastic
      logical_model (>= 0.6.3)
      railties (>= 3.1)
    actionmailer (4.0.0)
      actionpack (= 4.0.0)
      mail (~> 2.5.3)
    actionpack (4.0.0)
      activesupport (= 4.0.0)
      builder (~> 3.1.0)
      erubis (~> 2.7.0)
      rack (~> 1.5.2)
      rack-test (~> 0.6.2)
    activemodel (4.0.0)
      activesupport (= 4.0.0)
      builder (~> 3.1.0)
    activerecord (4.0.0)
      activemodel (= 4.0.0)
      activerecord-deprecated_finders (~> 1.0.2)
      activesupport (= 4.0.0)
      arel (~> 4.0.0)
    activerecord-deprecated_finders (1.0.4)
    activerecord-session_store (1.1.3)
      actionpack (>= 4.0)
      activerecord (>= 4.0)
      multi_json (~> 1.11, >= 1.11.2)
      rack (>= 1.5.2, < 3)
      railties (>= 4.0)
    activesupport (4.0.0)
      i18n (~> 0.6, >= 0.6.4)
      minitest (~> 4.2)
      multi_json (~> 1.3)
      thread_safe (~> 0.1)
      tzinfo (~> 0.3.37)
    appsignal (2.8.4)
      rack
    arel (4.0.2)
    aws-eventstream (1.1.0)
    aws-partitions (1.382.0)
    aws-sdk-core (3.109.1)
      aws-eventstream (~> 1, >= 1.0.2)
      aws-partitions (~> 1, >= 1.239.0)
      aws-sigv4 (~> 1.1)
      jmespath (~> 1.0)
    aws-sdk-sns (1.33.0)
      aws-sdk-core (~> 3, >= 3.109.0)
      aws-sigv4 (~> 1.1)
    aws-sigv4 (1.2.2)
      aws-eventstream (~> 1, >= 1.0.2)
    bcrypt-ruby (3.0.1)
    better_errors (0.8.0)
      coderay (>= 1.0.0)
      erubis (>= 2.6.6)
    binding_of_caller (0.7.1)
      debug_inspector (>= 0.0.1)
    builder (3.1.4)
    byebug (11.0.1)
    cancan (1.6.8)
    coderay (1.0.9)
    coffee-rails (4.2.2)
      coffee-script (>= 2.2.0)
      railties (>= 4.0.0)
    coffee-script (2.4.1)
      coffee-script-source
      execjs
    coffee-script-source (1.12.2)
    commonjs (0.2.7)
    concurrent-ruby (1.1.7)
    crack (0.4.1)
      safe_yaml (~> 0.9.0)
    daemons (1.2.6)
    dalli (2.7.6)
    debug_inspector (0.0.2)
    delayed_job (4.1.8)
      activesupport (>= 3.0, < 6.1)
    delayed_job_active_record (4.1.4)
      activerecord (>= 3.0, < 6.1)
      delayed_job (>= 3.0, < 5)
    devise (1.5.0)
      bcrypt-ruby (~> 3.0)
      orm_adapter (~> 0.0.3)
      warden (~> 1.1)
    diff-lcs (1.4.4)
    erubis (2.7.0)
    ethon (0.4.2)
      ffi (~> 1.0.11)
      mime-types (~> 1.18)
    execjs (2.7.0)
    factory_bot (4.11.1)
      activesupport (>= 3.0.0)
    factory_bot_rails (4.11.1)
      factory_bot (~> 4.11.1)
      railties (>= 3.0.0)
    ffi (1.0.11)
    foreman (0.55.0)
      thor (>= 0.13.6)
    git-pivotal-tracker-integration (1.4.0)
      highline (~> 1.6)
      pivotal-tracker (~> 0.5)
    gravtastic (3.2.6)
    guard (1.3.0)
      listen (>= 0.4.2)
      thor (>= 0.14.6)
    guard-rspec (1.2.1)
      guard (>= 1.1)
    happymapper (0.4.0)
      libxml-ruby (~> 2.0)
    highline (1.6.19)
    hike (1.2.3)
    i18n (0.9.5)
      concurrent-ruby (~> 1.0)
    intercom-rails (0.4.2)
      activesupport (> 3.0)
    jmespath (1.4.0)
    jquery-rails (2.0.2)
      railties (>= 3.2.0, < 5.0)
      thor (~> 0.14)
    kaminari (0.13.0)
      actionpack (>= 3.0.0)
      activesupport (>= 3.0.0)
      railties (>= 3.0.0)
    less (2.6.0)
      commonjs (~> 0.2.7)
    less-rails (2.8.0)
      actionpack (>= 4.0)
      less (~> 2.6.0)
      sprockets (> 2, < 4)
      tilt
    less-rails-bootstrap (3.3.5.0)
      less-rails (>= 2.6, <= 2.8)
    libnotify (0.7.4)
      ffi (~> 1.0.11)
    libv8 (3.16.14.7)
    libxml-ruby (2.7.0)
    listen (0.4.7)
      rb-fchange (~> 0.0.5)
      rb-fsevent (~> 0.9.1)
      rb-inotify (~> 0.8.8)
    logical_model (0.6.6)
      activemodel
      activesupport
      ethon (= 0.4.2)
      kaminari (~> 0.13.0)
      typhoeus (= 0.5.0.alpha)
    mail (2.5.5)
      mime-types (~> 1.16)
      treetop (~> 1.4.8)
    messaging_client (0.2.0)
      aws-sdk-sns (~> 1)
      logical_model (>= 0.5.0)
      railties (>= 3.1)
    mime-types (1.25.1)
    mini_portile (0.5.1)
    minitest (4.7.5)
    multi_json (1.15.0)
    nokogiri (1.6.0)
      mini_portile (~> 0.5.0)
    nokogiri-happymapper (0.5.7)
      nokogiri (~> 1.5)
    orm_adapter (0.0.7)
    padma-assets (0.2.30)
      accounts_client (>= 0.2.28)
      railties (>= 3.1)
    padma-deployment (0.2.1)
      railties (>= 3.1)
    pg (0.14.0)
    pivotal-tracker (0.5.12)
      builder
      crack
      happymapper (>= 0.3.2)
      nokogiri (>= 1.4.3)
      nokogiri (>= 1.5.5)
      nokogiri-happymapper (>= 0.5.4)
      rest-client (~> 1.6.0)
    polyglot (0.3.5)
    rack (1.5.5)
    rack-cors (0.4.0)
    rack-test (0.6.3)
      rack (>= 1.0)
    rails (4.0.0)
      actionmailer (= 4.0.0)
      actionpack (= 4.0.0)
      activerecord (= 4.0.0)
      activesupport (= 4.0.0)
      bundler (>= 1.3.0, < 2.0)
      railties (= 4.0.0)
      sprockets-rails (~> 2.0.0)
    rails_12factor (0.0.3)
      rails_serve_static_assets
      rails_stdout_logging
    rails_serve_static_assets (0.0.4)
    rails_stdout_logging (0.0.3)
    railties (4.0.0)
      actionpack (= 4.0.0)
      activesupport (= 4.0.0)
      rake (>= 0.8.7)
      thor (>= 0.18.1, < 2.0)
    rake (11.3.0)
    ransack (1.8.10)
      actionpack (>= 3.0, < 5.2)
      activerecord (>= 3.0, < 5.2)
      activesupport (>= 3.0, < 5.2)
      i18n
    rb-fchange (0.0.5)
      ffi
    rb-fsevent (0.9.1)
    rb-inotify (0.8.8)
      ffi (>= 0.5.0)
    redcarpet (2.2.2)
    ref (1.0.5)
    rest-client (1.6.7)
      mime-types (>= 1.16)
    rspec-core (3.9.3)
      rspec-support (~> 3.9.3)
    rspec-expectations (3.9.2)
      diff-lcs (>= 1.2.0, < 2.0)
      rspec-support (~> 3.9.0)
    rspec-mocks (3.9.1)
      diff-lcs (>= 1.2.0, < 2.0)
      rspec-support (~> 3.9.0)
    rspec-rails (3.9.1)
      actionpack (>= 3.0)
      activesupport (>= 3.0)
      railties (>= 3.0)
      rspec-core (~> 3.9.0)
      rspec-expectations (~> 3.9.0)
      rspec-mocks (~> 3.9.0)
      rspec-support (~> 3.9.0)
    rspec-support (3.9.3)
    safe_yaml (0.9.5)
    sass (3.4.25)
    sass-rails (5.0.7)
      railties (>= 4.0.0, < 6)
      sass (~> 3.1)
      sprockets (>= 2.8, < 4.0)
      sprockets-rails (>= 2.0, < 4.0)
      tilt (>= 1.1, < 3)
    shoulda (3.1.1)
      shoulda-context (~> 1.0)
      shoulda-matchers (~> 1.2)
    shoulda-context (1.0.0)
    shoulda-matchers (1.2.0)
      activesupport (>= 3.0.0)
    sprockets (2.12.5)
      hike (~> 1.2)
      multi_json (~> 1.0)
      rack (~> 1.0)
      tilt (~> 1.1, != 1.3.0)
    sprockets-rails (2.0.1)
      actionpack (>= 3.0)
      activesupport (>= 3.0)
      sprockets (~> 2.8)
    sqlite3 (1.3.11)
    subcontractor (0.6.1)
    therubyracer (0.12.2)
      libv8 (~> 3.16.14.0)
      ref
    thor (0.20.3)
    thread_safe (0.3.6)
    tilt (1.4.1)
    treetop (1.4.15)
      polyglot
      polyglot (>= 0.3.1)
    typhoeus (0.5.0.alpha)
      ethon (~> 0.4.2)
    tzinfo (0.3.57)
    uglifier (3.2.0)
      execjs (>= 0.3.0, < 3)
    warden (1.2.1)
      rack (>= 1.0)
    yard (0.8.5.2)
    yard-restful (1.2.2)
      yard (~> 0.8.3)

PLATFORMS
  ruby

DEPENDENCIES
  accounts_client (= 0.2.38)
  activerecord-session_store
  appsignal (~> 2.8)
  best_in_place!
  better_errors
  binding_of_caller
  byebug
  cancan
  coffee-rails
  daemons
  dalli
  delayed_job_active_record
  devise (= 1.5.0)
  execjs
  factory_bot_rails
  foreman
  git-pivotal-tracker-integration
  guard-rspec
  intercom-rails
  jquery-rails
  kaminari
  less-rails-bootstrap
  libnotify
  messaging_client
  padma-assets (= 0.2.30)
  padma-deployment
  pg
  rack-cors
  rails (= 4.0.0)
  rails_12factor
  rake (< 12)
  ransack
  redcarpet
  rspec-rails
  sass-rails
  shoulda
  shoulda-matchers
  sqlite3 (= 1.3.11)
  subcontractor (>= 0.6.1)
  therubyracer (= 0.12.2)
  uglifier (~> 3.2)
  yard (~> 0.8.3)
  yard-restful

RUBY VERSION
   ruby 2.3.0p0

BUNDLED WITH
   1.17.1
